GEM
  remote: https://rubygems.org/
  specs:
    haml (4.0.5)
      tilt
    mini_portile (0.5.2)
    nokogiri (1.6.1)
      mini_portile (~> 0.5.0)
    rack (1.5.2)
    sinatra (1.1.0)
      rack (~> 1.1)
      tilt (~> 1.1)
    tilt (1.4.1)

PLATFORMS
  ruby

DEPENDENCIES
  haml
  nokogiri
  sinatra (= 1.1.0)
